PATH
  remote: .
  specs:
    ostack_util (0.1.0)
      ipaddress (~> 0.8)
      sequel (~> 4.41)
      thor (~> 0.19)

GEM
  remote: https://rubygems.org/
  specs:
    diff-lcs (1.2.5)
    ipaddress (0.8.3)
    rake (10.5.0)
    rspec (3.5.0)
      rspec-core (~> 3.5.0)
      rspec-expectations (~> 3.5.0)
      rspec-mocks (~> 3.5.0)
    rspec-core (3.5.4)
      rspec-support (~> 3.5.0)
    rspec-expectations (3.5.0)
      diff-lcs (>= 1.2.0, < 2.0)
      rspec-support (~> 3.5.0)
    rspec-mocks (3.5.0)
      diff-lcs (>= 1.2.0, < 2.0)
      rspec-support (~> 3.5.0)
    rspec-support (3.5.0)
    sequel (4.41.0)
    thor (0.19.4)

PLATFORMS
  ruby

DEPENDENCIES
  bundler (~> 1.12)
  ostack_util!
  rake (~> 10.0)
  rspec (~> 3.0)

BUNDLED WITH
   1.13.6
